PATH
  remote: .
  specs:
    prompt-lists (0.1.1)

GEM
  remote: https://rubygems.org/
  specs:
    byebug (11.1.3)
    coderay (1.1.3)
    method_source (1.1.0)
    pry (0.14.2)
      coderay (~> 1.1)
      method_source (~> 1.0)

PLATFORMS
  arm64-darwin-22
  ruby

DEPENDENCIES
  byebug
  prompt-lists!
  pry

BUNDLED WITH
   2.5.5
